GEM
  remote: http://rubygems.org/
  remote: http://rubygems.org/
  remote: http://rubygems.org/
  specs:
    daemon-kit (0.1.8.1)
      eventmachine (>= 0.12.10)
    eventmachine (0.12.10)

PLATFORMS
  ruby

DEPENDENCIES
  daemon-kit
  eventmachine
